GIT
  remote: https://github.com/airslie/nhs_api_client.git
  revision: 55f024f1b54770a1fac1b3e544d4d7ec701202f4
  specs:
    nhs_api_client (0.1.0)
      httparty (~> 0.16.4)
      rails (>= 5.2.3)

GIT
  remote: https://github.com/airslie/renalware-core.git
  revision: 88ff19c55e9eeb80f99291403d4845680bc79d8b
  submodules: true
  specs:
    renalware-core (2.0.123)
      actionview-component (~> 1.3.6)
      active_type (~> 0.7.1)
      activerecord-import (~> 0.28.0)
      ahoy_matey (~> 2.1)
      attr_extras (~> 6.2)
      autoprefixer-rails (~> 9.6)
      chartkick (~> 3.2.0)
      client_side_validations (~> 16.0)
      client_side_validations-simple_form (~> 9.0)
      clipboard-rails (~> 1.7.1)
      cocoon (~> 1.2.11)
      cronex (~> 0.6.1)
      delayed_job (~> 4.1.4)
      delayed_job_active_record (~> 4.1.2)
      delayed_job_web (~> 1.4.3)
      devise (~> 4.7.1)
      devise-security (~> 0.14.3)
      dotenv-rails (~> 2.5)
      dumb_delegator (~> 0.8.0)
      email_validator (~> 1.6.0)
      enumerize (~> 2.3.1)
      font-awesome-sass (~> 5.6)
      foundation-rails (~> 5.5.3.2)
      friendly_id (~> 5.3.0)
      groupdate (~> 4.1.2)
      hashdiff (~> 1.0)
      httparty (~> 0.16)
      i18n (= 1.5.3)
      jbuilder (~> 2.8)
      jquery-datatables-rails (~> 3.4.0)
      jquery-rails (~> 4.3.1)
      jquery-ui-rails (~> 6.0.1)
      kaminari (~> 1.1.1)
      liquid (~> 4.0.0)
      lograge (~> 0.11.2)
      naught (~> 1.1.0)
      nested_form (~> 0.3.2)
      nokogiri (~> 1.9)
      pandoc-ruby (~> 2.0.2)
      paper_trail (~> 9.0.1)
      paranoia (~> 2.4.0)
      pdf-reader (~> 2.2.0)
      pg (~> 1.1.3)
      prawn (~> 2.2.2)
      puma (~> 3.12.0)
      pundit (~> 2.1.0)
      rack-attack
      rails (~> 5.2)
      rails-assets-foundation-datepicker (= 1.5.0)
      ransack (~> 2.3.0)
      record_tag_helper (~> 1.0.0)
      ruby-hl7 (~> 1.2.0)
      rubyzip (~> 1.3.0)
      sassc-rails (~> 2.1.0)
      scenic (~> 1.4)
      simple_form (~> 5.0)
      sinatra (~> 2.0.5)
      slim-rails (~> 3.2.0)
      sprockets (~> 4.0.0)
      uglifier (~> 4.2)
      validates_timeliness (~> 4.1.0)
      virtus (~> 1.0.5)
      whenever
      wicked_pdf
      wisper (~> 2.0.0)
      wisper-activejob (~> 1.0.0)
      wkhtmltopdf-binary (= 0.12.3.1)
      yard (>= 0.9.20)

GIT
  remote: https://github.com/airslie/trix.git
  revision: 56d84ae42e34488b0bb301bd9bd0f54fac7fc811
  specs:
    trix (0.11.1)
      rails (> 4.1, <= 6.0)

PATH
  remote: .
  specs:
    renalware-diaverum (1.0.10)
      dotenv-rails (~> 2.5)
      pg (~> 1.0)
      rails (>= 5.1)

GEM
  remote: https://rubygems.org/
  remote: https://rails-assets.org/
  specs:
    Ascii85 (1.0.3)
    actioncable (5.2.4.3)
      actionpack (= 5.2.4.3)
      nio4r (~> 2.0)
      websocket-driver (>= 0.6.1)
    actionmailer (5.2.4.3)
      actionpack (= 5.2.4.3)
      actionview (= 5.2.4.3)
      activejob (= 5.2.4.3)
      mail (~> 2.5, >= 2.5.4)
      rails-dom-testing (~> 2.0)
    actionpack (5.2.4.3)
      actionview (= 5.2.4.3)
      activesupport (= 5.2.4.3)
      rack (~> 2.0, >= 2.0.8)
      rack-test (>= 0.6.3)
      rails-dom-testing (~> 2.0)
      rails-html-sanitizer (~> 1.0, >= 1.0.2)
    actionview (5.2.4.3)
      activesupport (= 5.2.4.3)
      builder (~> 3.1)
      erubi (~> 1.4)
      rails-dom-testing (~> 2.0)
      rails-html-sanitizer (~> 1.0, >= 1.0.3)
    actionview-component (1.3.6)
    active_type (0.7.5)
      activerecord (>= 3.2)
    activejob (5.2.4.3)
      activesupport (= 5.2.4.3)
      globalid (>= 0.3.6)
    activemodel (5.2.4.3)
      activesupport (= 5.2.4.3)
    activerecord (5.2.4.3)
      activemodel (= 5.2.4.3)
      activesupport (= 5.2.4.3)
      arel (>= 9.0)
    activerecord-import (0.28.2)
      activerecord (>= 3.2)
    activestorage (5.2.4.3)
      actionpack (= 5.2.4.3)
      activerecord (= 5.2.4.3)
      marcel (~> 0.3.1)
    activesupport (5.2.4.3)
      concurrent-ruby (~> 1.0, >= 1.0.2)
      i18n (>= 0.7, < 2)
      minitest (~> 5.1)
      tzinfo (~> 1.1)
    addressable (2.7.0)
      public_suffix (>= 2.0.2, < 5.0)
    afm (0.2.2)
    ahoy_matey (2.2.1)
      addressable
      browser (~> 2.0)
      device_detector
      geocoder (>= 1.4.5)
      railties (>= 4.2)
      referer-parser (>= 0.3)
      request_store
      safely_block (>= 0.2.1)
      user_agent_parser
    arel (9.0.0)
    ast (2.4.0)
    attr_extras (6.2.1)
    autoprefixer-rails (9.7.2)
      execjs
    awesome_print (1.8.0)
    axiom-types (0.1.1)
      descendants_tracker (~> 0.0.4)
      ice_nine (~> 0.11.0)
      thread_safe (~> 0.3, >= 0.3.1)
    babel-source (5.8.35)
    babel-transpiler (0.7.0)
      babel-source (>= 4.0, < 6)
      execjs (~> 2.0)
    bcrypt (3.1.13)
    bootsnap (1.4.5)
      msgpack (~> 1.0)
    browser (2.7.0)
    builder (3.2.4)
    bundler-audit (0.6.1)
      bundler (>= 1.2.0, < 3)
      thor (~> 0.18)
    byebug (11.0.1)
    capybara (3.29.0)
      addressable
      mini_mime (>= 0.1.3)
      nokogiri (~> 1.8)
      rack (>= 1.6.0)
      rack-test (>= 0.6.3)
      regexp_parser (~> 1.5)
      xpath (~> 3.2)
    capybara-screenshot (1.0.23)
      capybara (>= 1.0, < 4)
      launchy
    capybara-select-2 (0.4.2)
    character_set (1.4.0)
    chartkick (3.2.2)
    chronic (0.10.2)
    client_side_validations (16.0.3)
      jquery-rails (~> 4.3)
      js_regex (~> 3.1)
      rails (>= 5.0.0.1, < 6.1)
    client_side_validations-simple_form (9.1.0)
      client_side_validations (>= 15.0, < 17.0)
      simple_form (~> 5.0)
    climate_control (0.2.0)
    clipboard-rails (1.7.1)
    cocoon (1.2.14)
    coercible (1.0.0)
      descendants_tracker (~> 0.0.1)
    concurrent-ruby (1.1.6)
    crack (0.4.3)
      safe_yaml (~> 1.0.0)
    crass (1.0.6)
    cronex (0.6.1)
      unicode
    delayed_job (4.1.8)
      activesupport (>= 3.0, < 6.1)
    delayed_job_active_record (4.1.4)
      activerecord (>= 3.0, < 6.1)
      delayed_job (>= 3.0, < 5)
    delayed_job_web (1.4.3)
      activerecord (> 3.0.0)
      delayed_job (> 2.0.3)
      rack-protection (>= 1.5.5)
      sinatra (>= 1.4.4)
    descendants_tracker (0.0.4)
      thread_safe (~> 0.3, >= 0.3.1)
    device_detector (1.0.2)
    devise (4.7.1)
      bcrypt (~> 3.0)
      orm_adapter (~> 0.1)
      railties (>= 4.1.0)
      responders
      warden (~> 1.2.3)
    devise-security (0.14.3)
      devise (>= 4.3.0, < 5.0)
      rails (>= 4.2.0, < 7.0)
    diff-lcs (1.3)
    dotenv (2.7.5)
    dotenv-rails (2.7.5)
      dotenv (= 2.7.5)
      railties (>= 3.2, < 6.1)
    dumb_delegator (0.8.0)
    email_validator (1.6.0)
      activemodel
    enumerize (2.3.1)
      activesupport (>= 3.2)
    equalizer (0.0.11)
    equivalent-xml (0.6.0)
      nokogiri (>= 1.4.3)
    errbase (0.2.0)
    erubi (1.9.0)
    execjs (2.7.0)
    factory_bot (5.0.2)
      activesupport (>= 4.2.0)
    factory_bot_rails (5.0.2)
      factory_bot (~> 5.0.2)
      railties (>= 4.2.0)
    faker (2.2.1)
      i18n (>= 0.8)
    ffi (1.11.2)
    font-awesome-sass (5.11.2)
      sassc (>= 1.11)
    foundation-rails (5.5.3.2)
      railties (>= 3.1.0)
      sass (>= 3.3.0, < 3.5)
    friendly_id (5.3.0)
      activerecord (>= 4.0.0)
    fuubar (2.5.0)
      rspec-core (~> 3.0)
      ruby-progressbar (~> 1.4)
    geocoder (1.5.2)
    globalid (0.4.2)
      activesupport (>= 4.2.0)
    groupdate (4.1.2)
      activesupport (>= 4.2)
    hashdiff (1.0.0)
    hashery (2.1.2)
    httparty (0.16.4)
      mime-types (~> 3.0)
      multi_xml (>= 0.5.2)
    i18n (1.5.3)
      concurrent-ruby (~> 1.0)
    ice_nine (0.11.2)
    jaro_winkler (1.5.4)
    jbuilder (2.9.1)
      activesupport (>= 4.2.0)
    jquery-datatables-rails (3.4.0)
      actionpack (>= 3.1)
      jquery-rails
      railties (>= 3.1)
      sass-rails
    jquery-rails (4.3.5)
      rails-dom-testing (>= 1, < 3)
      railties (>= 4.2.0)
      thor (>= 0.14, < 2.0)
    jquery-ui-rails (6.0.1)
      railties (>= 3.2.16)
    js_regex (3.5.0)
      character_set (~> 1.4)
      regexp_parser (~> 1.6)
      regexp_property_values (~> 1.0)
    kaminari (1.1.1)
      activesupport (>= 4.1.0)
      kaminari-actionview (= 1.1.1)
      kaminari-activerecord (= 1.1.1)
      kaminari-core (= 1.1.1)
    kaminari-actionview (1.1.1)
      actionview
      kaminari-core (= 1.1.1)
    kaminari-activerecord (1.1.1)
      activerecord
      kaminari-core (= 1.1.1)
    kaminari-core (1.1.1)
    launchy (2.4.3)
      addressable (~> 2.3)
    liquid (4.0.3)
    lograge (0.11.2)
      actionpack (>= 4)
      activesupport (>= 4)
      railties (>= 4)
      request_store (~> 1.0)
    loofah (2.5.0)
      crass (~> 1.0.2)
      nokogiri (>= 1.5.9)
    mail (2.7.1)
      mini_mime (>= 0.1.1)
    marcel (0.3.3)
      mimemagic (~> 0.3.2)
    method_source (1.0.0)
    mime-types (3.3)
      mime-types-data (~> 3.2015)
    mime-types-data (3.2019.1009)
    mimemagic (0.3.5)
    mini_mime (1.0.2)
    mini_portile2 (2.4.0)
    minitest (5.14.1)
    msgpack (1.3.1)
    multi_xml (0.6.0)
    mustermann (1.0.3)
    naught (1.1.0)
    nested_form (0.3.2)
    nio4r (2.5.2)
    nokogiri (1.10.9)
      mini_portile2 (~> 2.4.0)
    orm_adapter (0.5.0)
    pandoc-ruby (2.0.2)
    paper_trail (9.0.2)
      activerecord (>= 4.2, < 5.3)
      request_store (~> 1.1)
    parallel (1.19.0)
    paranoia (2.4.2)
      activerecord (>= 4.0, < 6.1)
    parser (2.6.5.0)
      ast (~> 2.4.0)
    pdf-core (0.7.0)
    pdf-reader (2.2.1)
      Ascii85 (~> 1.0.0)
      afm (~> 0.2.1)
      hashery (~> 2.0)
      ruby-rc4
      ttfunk
    pg (1.1.4)
    polyamorous (2.3.2)
      activerecord (>= 5.2.1)
    prawn (2.2.2)
      pdf-core (~> 0.7.0)
      ttfunk (~> 1.5)
    public_suffix (4.0.1)
    puma (3.12.4)
    pundit (2.1.0)
      activesupport (>= 3.0.0)
    rack (2.2.2)
    rack-attack (6.2.1)
      rack (>= 1.0, < 3)
    rack-protection (2.0.7)
      rack
    rack-test (1.1.0)
      rack (>= 1.0, < 3)
    rails (5.2.4.3)
      actioncable (= 5.2.4.3)
      actionmailer (= 5.2.4.3)
      actionpack (= 5.2.4.3)
      actionview (= 5.2.4.3)
      activejob (= 5.2.4.3)
      activemodel (= 5.2.4.3)
      activerecord (= 5.2.4.3)
      activestorage (= 5.2.4.3)
      activesupport (= 5.2.4.3)
      bundler (>= 1.3.0)
      railties (= 5.2.4.3)
      sprockets-rails (>= 2.0.0)
    rails-assets-foundation-datepicker (1.5.0)
    rails-dom-testing (2.0.3)
      activesupport (>= 4.2.0)
      nokogiri (>= 1.6)
    rails-html-sanitizer (1.3.0)
      loofah (~> 2.3)
    railties (5.2.4.3)
      actionpack (= 5.2.4.3)
      activesupport (= 5.2.4.3)
      method_source
      rake (>= 0.8.7)
      thor (>= 0.19.0, < 2.0)
    rainbow (3.0.0)
    rake (13.0.1)
    ransack (2.3.2)
      activerecord (>= 5.2.1)
      activesupport (>= 5.2.1)
      i18n
      polyamorous (= 2.3.2)
    record_tag_helper (1.0.0)
      actionview (~> 5.x)
    referer-parser (0.3.0)
    regexp_parser (1.6.0)
    regexp_property_values (1.0.0)
    request_store (1.5.0)
      rack (>= 1.4)
    responders (3.0.0)
      actionpack (>= 5.0)
      railties (>= 5.0)
    rspec-core (3.9.0)
      rspec-support (~> 3.9.0)
    rspec-expectations (3.9.0)
      diff-lcs (>= 1.2.0, < 2.0)
      rspec-support (~> 3.9.0)
    rspec-mocks (3.9.0)
      diff-lcs (>= 1.2.0, < 2.0)
      rspec-support (~> 3.9.0)
    rspec-rails (3.9.0)
      actionpack (>= 3.0)
      activesupport (>= 3.0)
      railties (>= 3.0)
      rspec-core (~> 3.9.0)
      rspec-expectations (~> 3.9.0)
      rspec-mocks (~> 3.9.0)
      rspec-support (~> 3.9.0)
    rspec-support (3.9.0)
    rspec_junit_formatter (0.4.1)
      rspec-core (>= 2, < 4, != 2.12.0)
    rubocop (0.76.0)
      jaro_winkler (~> 1.5.1)
      parallel (~> 1.10)
      parser (>= 2.6)
      rainbow (>= 2.2.2, < 4.0)
      ruby-progressbar (~> 1.7)
      unicode-display_width (>= 1.4.0, < 1.7)
    rubocop-performance (1.5.1)
      rubocop (>= 0.71.0)
    rubocop-rails (2.3.2)
      rack (>= 1.1)
      rubocop (>= 0.72.0)
    rubocop-rspec (1.36.0)
      rubocop (>= 0.68.1)
    ruby-hl7 (1.2.3)
      rake (>= 11.0)
    ruby-progressbar (1.10.1)
    ruby-rc4 (0.1.5)
    rubyzip (1.3.0)
    safe_yaml (1.0.5)
    safely_block (0.3.0)
      errbase (>= 0.1.1)
    sass (3.4.25)
    sass-rails (6.0.0)
      sassc-rails (~> 2.1, >= 2.1.1)
    sassc (2.2.1)
      ffi (~> 1.9)
    sassc-rails (2.1.2)
      railties (>= 4.0.0)
      sassc (>= 2.0)
      sprockets (> 3.0)
      sprockets-rails
      tilt
    scenic (1.5.1)
      activerecord (>= 4.0.0)
      railties (>= 4.0.0)
    shoulda-matchers (4.1.2)
      activesupport (>= 4.2.0)
    simple_form (5.0.1)
      actionpack (>= 5.0)
      activemodel (>= 5.0)
    sinatra (2.0.7)
      mustermann (~> 1.0)
      rack (~> 2.0)
      rack-protection (= 2.0.7)
      tilt (~> 2.0)
    slim (4.0.1)
      temple (>= 0.7.6, < 0.9)
      tilt (>= 2.0.6, < 2.1)
    slim-rails (3.2.0)
      actionpack (>= 3.1)
      railties (>= 3.1)
      slim (>= 3.0, < 5.0)
    sprockets (4.0.0)
      concurrent-ruby (~> 1.0)
      rack (> 1, < 3)
    sprockets-rails (3.2.1)
      actionpack (>= 4.0)
      activesupport (>= 4.0)
      sprockets (>= 3.0.0)
    temple (0.8.2)
    thor (0.20.3)
    thread_safe (0.3.6)
    tilt (2.0.10)
    timeliness (0.4.3)
    ttfunk (1.5.1)
    tzinfo (1.2.7)
      thread_safe (~> 0.1)
    uglifier (4.2.0)
      execjs (>= 0.3.0, < 3)
    unicode (0.4.4.4)
    unicode-display_width (1.6.0)
    user_agent_parser (2.5.2)
    validates_timeliness (4.1.1)
      timeliness (>= 0.3.10, < 1)
    virtus (1.0.5)
      axiom-types (~> 0.1)
      coercible (~> 1.0)
      descendants_tracker (~> 0.0, >= 0.0.3)
      equalizer (~> 0.0, >= 0.0.9)
    warden (1.2.8)
      rack (>= 2.0.6)
    webmock (3.7.6)
      addressable (>= 2.3.6)
      crack (>= 0.3.2)
      hashdiff (>= 0.4.0, < 2.0.0)
    websocket-driver (0.7.2)
      websocket-extensions (>= 0.1.0)
    websocket-extensions (0.1.4)
    whenever (1.0.0)
      chronic (>= 0.6.3)
    wicked_pdf (2.0.2)
      activesupport
    wisper (2.0.1)
    wisper-activejob (1.0.0)
      activejob (>= 4.0.0)
      wisper
    wkhtmltopdf-binary (0.12.3.1)
    xpath (3.2.0)
      nokogiri (~> 1.8)
    yard (0.9.20)

PLATFORMS
  ruby

DEPENDENCIES
  awesome_print
  babel-transpiler
  bootsnap
  bundler-audit
  byebug
  capybara
  capybara-screenshot
  capybara-select-2
  climate_control
  equivalent-xml
  factory_bot_rails
  faker
  fuubar
  nhs_api_client!
  renalware-core!
  renalware-diaverum!
  rspec-rails
  rspec_junit_formatter (~> 0.3)
  rubocop
  rubocop-performance
  rubocop-rails
  rubocop-rspec
  shoulda-matchers
  trix!
  webmock

RUBY VERSION
   ruby 2.6.3p62

BUNDLED WITH
   2.0.2
